GEM
  remote: https://rubygems.org/
  specs:
    yajl-ruby (1.0.0)

PLATFORMS
  ruby

DEPENDENCIES
  yajl-ruby (~> 1.0)
